PATH
  remote: .
  specs:
    rphp (0.0.2.3)

GEM
  remote: https://rubygems.org/
  specs:
    rake (13.0.1)

PLATFORMS
  ruby

DEPENDENCIES
  bundler (~> 2.0)
  rake (~> 13.0)
  rphp!

BUNDLED WITH
   2.0.2
